GEM
  remote: https://rubygems.org/
  specs:
    backports (3.3.0)
    bson (1.8.6)
    bson_ext (1.8.6)
      bson (~> 1.8.6)
    eventmachine (1.0.3)
    eventmachine (1.0.3-x86-mingw32)
    haml (4.0.2)
      tilt
    json (1.8.0)
    mongo (1.8.6)
      bson (~> 1.8.6)
    rack (1.5.2)
    rack-protection (1.5.0)
      rack
    rack-test (0.6.2)
      rack (>= 1.0)
    sequel (3.47.0)
    sinatra (1.4.2)
      rack (~> 1.5, >= 1.5.2)
      rack-protection (~> 1.4)
      tilt (~> 1.3, >= 1.3.4)
    sinatra-contrib (1.4.0)
      backports (>= 2.0)
      eventmachine
      rack-protection
      rack-test
      sinatra (~> 1.4.2)
      tilt (~> 1.3)
    tilt (1.4.1)

PLATFORMS
  x86-mingw32

DEPENDENCIES
  bson_ext
  haml
  json
  mongo
  sequel
  sinatra
  sinatra-contrib
